PATH
  remote: .
  specs:
    zed-spritesheet (0.1.8.pre.beta)
      chunky_png
      oily_png

GEM
  remote: https://rubygems.org/
  specs:
    aruba (1.0.0)
      childprocess (~> 3.0)
      contracts (~> 0.16.0)
      cucumber (>= 2.4, < 4.0)
      ffi (~> 1.9)
      rspec-expectations (~> 3.4)
      thor (~> 1.0)
    backports (3.17.0)
    builder (3.2.4)
    childprocess (3.0.0)
    chunky_png (1.3.11)
    coderay (1.1.2)
    contracts (0.16.0)
    cucumber (3.1.2)
      builder (>= 2.1.2)
      cucumber-core (~> 3.2.0)
      cucumber-expressions (~> 6.0.1)
      cucumber-wire (~> 0.0.1)
      diff-lcs (~> 1.3)
      gherkin (~> 5.1.0)
      multi_json (>= 1.7.5, < 2.0)
      multi_test (>= 0.1.2)
    cucumber-core (3.2.1)
      backports (>= 3.8.0)
      cucumber-tag_expressions (~> 1.1.0)
      gherkin (~> 5.0)
    cucumber-expressions (6.0.1)
    cucumber-tag_expressions (1.1.1)
    cucumber-wire (0.0.1)
    diff-lcs (1.3)
    ffi (1.12.2)
    formatador (0.2.5)
    gherkin (5.1.0)
    guard (2.16.2)
      formatador (>= 0.2.4)
      listen (>= 2.7, < 4.0)
      lumberjack (>= 1.0.12, < 2.0)
      nenv (~> 0.1)
      notiffany (~> 0.0)
      pry (>= 0.9.12)
      shellany (~> 0.0)
      thor (>= 0.18.1)
    guard-compat (1.2.1)
    guard-cucumber (1.5.4)
      cucumber (>= 1.3.0)
      guard-compat (~> 1.0)
      nenv (~> 0.1)
    guard-rspec (4.7.3)
      guard (~> 2.1)
      guard-compat (~> 1.1)
      rspec (>= 2.99.0, < 4.0)
    listen (3.2.1)
      rb-fsevent (~> 0.10, >= 0.10.3)
      rb-inotify (~> 0.9, >= 0.9.10)
    lumberjack (1.2.4)
    method_source (1.0.0)
    multi_json (1.14.1)
    multi_test (0.1.2)
    nenv (0.3.0)
    notiffany (0.1.3)
      nenv (~> 0.1)
      shellany (~> 0.0)
    oily_png (1.2.1)
      chunky_png (~> 1.3.7)
    pry (0.13.0)
      coderay (~> 1.1)
      method_source (~> 1.0)
    rake (13.0.1)
    rb-fsevent (0.10.3)
    rb-inotify (0.10.1)
      ffi (~> 1.0)
    rspec (3.9.0)
      rspec-core (~> 3.9.0)
      rspec-expectations (~> 3.9.0)
      rspec-mocks (~> 3.9.0)
    rspec-core (3.9.1)
      rspec-support (~> 3.9.1)
    rspec-expectations (3.9.1)
      diff-lcs (>= 1.2.0, < 2.0)
      rspec-support (~> 3.9.0)
    rspec-mocks (3.9.1)
      diff-lcs (>= 1.2.0, < 2.0)
      rspec-support (~> 3.9.0)
    rspec-support (3.9.2)
    shellany (0.0.1)
    thor (1.0.1)

PLATFORMS
  ruby

DEPENDENCIES
  aruba
  cucumber
  guard
  guard-cucumber
  guard-rspec
  pry
  rake (~> 13.0)
  rspec (~> 3.9)
  zed-spritesheet!

BUNDLED WITH
   2.1.4
